GEM
  remote: http://rubygems.org/
  specs:
    chunky_png (1.2.5)
    colorize (0.5.8)
    compass (0.11.5)
      chunky_png (~> 1.2)
      fssm (>= 0.2.7)
      sass (~> 3.1)
    fssm (0.2.7)
    git (1.2.5)
    jeweler (1.6.4)
      bundler (~> 1.0)
      git (>= 1.2.5)
      rake
    rake (0.9.2.2)
    rcov (0.9.11)
    sass (3.1.11)
    shoulda (2.11.3)

PLATFORMS
  ruby

DEPENDENCIES
  bundler (~> 1.0.0)
  colorize
  compass
  jeweler (~> 1.6.4)
  rcov
  shoulda
